GEM
  remote: https://rubygems.org/
  specs:
    faraday (2.14.0)
      faraday-net_http (>= 2.0, < 3.5)
      json
      logger
    faraday-net_http (3.4.1)
      net-http (>= 0.5.0)
    json (0.4.3)
    logger (1.7.0)
    net-http (0.6.0)
      uri
    rake (13.3.0)
    subprocess (1.5.7)
    uri (0.13.3)

PLATFORMS
  arm64-darwin-22
  x86_64-linux

DEPENDENCIES
  faraday
  rake
  subprocess

BUNDLED WITH
   2.4.16
